GEM
  remote: https://rubygems.org/
  specs:
    activesupport (7.1.3.2)
      base64
      bigdecimal
      concurrent-ruby (~> 1.0, >= 1.0.2)
      connection_pool (>= 2.2.5)
      drb
      i18n (>= 1.6, < 2)
      minitest (>= 5.1)
      mutex_m
      tzinfo (~> 2.0)
    addressable (2.8.7)
      public_suffix (>= 2.0.2, < 7.0)
    algoliasearch (1.27.5)
      httpclient (~> 2.8, >= 2.8.3)
      json (>= 1.5.1)
    algoliasearch-jekyll (0.8.2)
      algoliasearch (~> 1.4)
      appraisal (~> 2.1.0)
      awesome_print (~> 1.6)
      json (>= 1.8.6)
      nokogiri (~> 1.7, >= 1.7.2)
      verbal_expressions (~> 0.1.5)
    appraisal (2.1.0)
      bundler
      rake
      thor (>= 0.14.0)
    awesome_print (1.9.2)
    base64 (0.2.0)
    bigdecimal (3.1.7)
    byebug (11.1.3)
    coderay (1.1.3)
    coffee-script (2.4.1)
      coffee-script-source
      execjs
    coffee-script-source (1.12.2)
    colorator (1.1.0)
    commander (4.6.0)
      highline (~> 2.0.0)
    commonmarker (0.23.10)
    concurrent-ruby (1.3.5)
    connection_pool (2.4.1)
    dnsruby (1.71.0)
      simpleidn (~> 0.2.1)
    drb (2.2.1)
    em-websocket (0.5.3)
      eventmachine (>= 0.12.9)
      http_parser.rb (~> 0)
    ethon (0.16.0)
      ffi (>= 1.15.0)
    eventmachine (1.2.7)
    excon (0.105.0)
    execjs (2.9.1)
    faraday (0.15.4)
      multipart-post (>= 1.2, < 3)
    ffi (1.17.2-arm64-darwin)
    forwardable-extended (2.6.0)
    gemoji (4.1.0)
    github-pages (231)
      github-pages-health-check (= 1.18.2)
      jekyll (= 3.9.5)
      jekyll-avatar (= 0.8.0)
      jekyll-coffeescript (= 1.2.2)
      jekyll-commonmark-ghpages (= 0.4.0)
      jekyll-default-layout (= 0.1.5)
      jekyll-feed (= 0.17.0)
      jekyll-gist (= 1.5.0)
      jekyll-github-metadata (= 2.16.1)
      jekyll-include-cache (= 0.2.1)
      jekyll-mentions (= 1.6.0)
      jekyll-optional-front-matter (= 0.3.2)
      jekyll-paginate (= 1.1.0)
      jekyll-readme-index (= 0.3.0)
      jekyll-redirect-from (= 0.16.0)
      jekyll-relative-links (= 0.6.1)
      jekyll-remote-theme (= 0.4.3)
      jekyll-sass-converter (= 1.5.2)
      jekyll-seo-tag (= 2.8.0)
      jekyll-sitemap (= 1.4.0)
      jekyll-swiss (= 1.0.0)
      jekyll-theme-architect (= 0.2.0)
      jekyll-theme-cayman (= 0.2.0)
      jekyll-theme-dinky (= 0.2.0)
      jekyll-theme-hacker (= 0.2.0)
      jekyll-theme-leap-day (= 0.2.0)
      jekyll-theme-merlot (= 0.2.0)
      jekyll-theme-midnight (= 0.2.0)
      jekyll-theme-minimal (= 0.2.0)
      jekyll-theme-modernist (= 0.2.0)
      jekyll-theme-primer (= 0.6.0)
      jekyll-theme-slate (= 0.2.0)
      jekyll-theme-tactile (= 0.2.0)
      jekyll-theme-time-machine (= 0.2.0)
      jekyll-titles-from-headings (= 0.5.3)
      jemoji (= 0.13.0)
      kramdown (= 2.4.0)
      kramdown-parser-gfm (= 1.1.0)
      liquid (= 4.0.4)
      mercenary (~> 0.3)
      minima (= 2.5.1)
      nokogiri (>= 1.13.6, < 2.0)
      rouge (= 3.30.0)
      terminal-table (~> 1.4)
    github-pages-health-check (1.18.2)
      addressable (~> 2.3)
      dnsruby (~> 1.60)
      octokit (>= 4, < 8)
      public_suffix (>= 3.0, < 6.0)
      typhoeus (~> 1.3)
    highline (2.0.3)
    html-pipeline (2.14.3)
      activesupport (>= 2)
      nokogiri (>= 1.4)
    http_parser.rb (0.8.0)
    httpclient (2.8.3)
    i18n (1.14.7)
      concurrent-ruby (~> 1.0)
    jekyll (3.9.5)
      addressable (~> 2.4)
      colorator (~> 1.0)
      em-websocket (~> 0.5)
      i18n (>= 0.7, < 2)
      jekyll-sass-converter (~> 1.0)
      jekyll-watch (~> 2.0)
      kramdown (>= 1.17, < 3)
      liquid (~> 4.0)
      mercenary (~> 0.3.3)
      pathutil (~> 0.9)
      rouge (>= 1.7, < 4)
      safe_yaml (~> 1.0)
    jekyll-avatar (0.8.0)
      jekyll (>= 3.0, < 5.0)
    jekyll-coffeescript (1.2.2)
      coffee-script (~> 2.2)
      coffee-script-source (~> 1.12)
    jekyll-commonmark (1.4.0)
      commonmarker (~> 0.22)
    jekyll-commonmark-ghpages (0.4.0)
      commonmarker (~> 0.23.7)
      jekyll (~> 3.9.0)
      jekyll-commonmark (~> 1.4.0)
      rouge (>= 2.0, < 5.0)
    jekyll-default-layout (0.1.5)
      jekyll (>= 3.0, < 5.0)
    jekyll-feed (0.17.0)
      jekyll (>= 3.7, < 5.0)
    jekyll-gist (1.5.0)
      octokit (~> 4.2)
    jekyll-github-metadata (2.16.1)
      jekyll (>= 3.4, < 5.0)
      octokit (>= 4, < 7, != 4.4.0)
    jekyll-include-cache (0.2.1)
      jekyll (>= 3.7, < 5.0)
    jekyll-mentions (1.6.0)
      html-pipeline (~> 2.3)
      jekyll (>= 3.7, < 5.0)
    jekyll-optional-front-matter (0.3.2)
      jekyll (>= 3.0, < 5.0)
    jekyll-paginate (1.1.0)
    jekyll-readme-index (0.3.0)
      jekyll (>= 3.0, < 5.0)
    jekyll-redirect-from (0.16.0)
      jekyll (>= 3.3, < 5.0)
    jekyll-relative-links (0.6.1)
      jekyll (>= 3.3, < 5.0)
    jekyll-remote-theme (0.4.3)
      addressable (~> 2.0)
      jekyll (>= 3.5, < 5.0)
      jekyll-sass-converter (>= 1.0, <= 3.0.0, != 2.0.0)
      rubyzip (>= 1.3.0, < 3.0)
    jekyll-sass-converter (1.5.2)
      sass (~> 3.4)
    jekyll-seo-tag (2.8.0)
      jekyll (>= 3.8, < 5.0)
    jekyll-sitemap (1.4.0)
      jekyll (>= 3.7, < 5.0)
    jekyll-swiss (1.0.0)
    jekyll-theme-architect (0.2.0)
      jekyll (> 3.5, < 5.0)
      jekyll-seo-tag (~> 2.0)
    jekyll-theme-cayman (0.2.0)
      jekyll (> 3.5, < 5.0)
      jekyll-seo-tag (~> 2.0)
    jekyll-theme-dinky (0.2.0)
      jekyll (> 3.5, < 5.0)
      jekyll-seo-tag (~> 2.0)
    jekyll-theme-hacker (0.2.0)
      jekyll (> 3.5, < 5.0)
      jekyll-seo-tag (~> 2.0)
    jekyll-theme-leap-day (0.2.0)
      jekyll (> 3.5, < 5.0)
      jekyll-seo-tag (~> 2.0)
    jekyll-theme-merlot (0.2.0)
      jekyll (> 3.5, < 5.0)
      jekyll-seo-tag (~> 2.0)
    jekyll-theme-midnight (0.2.0)
      jekyll (> 3.5, < 5.0)
      jekyll-seo-tag (~> 2.0)
    jekyll-theme-minimal (0.2.0)
      jekyll (> 3.5, < 5.0)
      jekyll-seo-tag (~> 2.0)
    jekyll-theme-modernist (0.2.0)
      jekyll (> 3.5, < 5.0)
      jekyll-seo-tag (~> 2.0)
    jekyll-theme-primer (0.6.0)
      jekyll (> 3.5, < 5.0)
      jekyll-github-metadata (~> 2.9)
      jekyll-seo-tag (~> 2.0)
    jekyll-theme-slate (0.2.0)
      jekyll (> 3.5, < 5.0)
      jekyll-seo-tag (~> 2.0)
    jekyll-theme-tactile (0.2.0)
      jekyll (> 3.5, < 5.0)
      jekyll-seo-tag (~> 2.0)
    jekyll-theme-time-machine (0.2.0)
      jekyll (> 3.5, < 5.0)
      jekyll-seo-tag (~> 2.0)
    jekyll-titles-from-headings (0.5.3)
      jekyll (>= 3.3, < 5.0)
    jekyll-watch (2.2.1)
      listen (~> 3.0)
    jemoji (0.13.0)
      gemoji (>= 3, < 5)
      html-pipeline (~> 2.2)
      jekyll (>= 3.0, < 5.0)
    json (2.7.1)
    kramdown (2.4.0)
      rexml
    kramdown-parser-gfm (1.1.0)
      kramdown (~> 2.0)
    liquid (4.0.4)
    listen (3.9.0)
      rb-fsevent (~> 0.10, >= 0.10.3)
      rb-inotify (~> 0.9, >= 0.9.10)
    mercenary (0.3.6)
    method_source (1.0.0)
    minima (2.5.1)
      jekyll (>= 3.5, < 5.0)
      jekyll-feed (~> 0.9)
      jekyll-seo-tag (~> 2.1)
    minitest (5.22.3)
    multipart-post (2.4.0)
    mutex_m (0.2.0)
    nokogiri (1.16.7-arm64-darwin)
      racc (~> 1.4)
    octokit (4.22.0)
      faraday (>= 0.9)
      sawyer (~> 0.8.0, >= 0.5.3)
    octopress (3.0.11)
      jekyll (>= 2.0)
      mercenary (~> 0.3.2)
      octopress-deploy
      octopress-escape-code (~> 2.0)
      octopress-hooks (~> 2.0)
      redcarpet (~> 3.0)
      titlecase
    octopress-debugger (1.0.2)
      jekyll
      pry-byebug
    octopress-deploy (1.3.0)
      colorator
    octopress-escape-code (2.1.1)
      jekyll (~> 3.0)
    octopress-hooks (2.6.2)
      jekyll (>= 2.0)
    pathutil (0.16.2)
      forwardable-extended (~> 2.6)
    percy-cli (1.4.0)
      addressable (~> 2)
      commander (~> 4.3)
      percy-client (~> 2.0)
      thread (~> 0.2)
    percy-client (2.1.1)
      addressable
      excon (= 0.105.0)
      faraday (= 0.15.4)
    pry (0.14.2)
      coderay (~> 1.1)
      method_source (~> 1.0)
    pry-byebug (3.10.1)
      byebug (~> 11.0)
      pry (>= 0.13, < 0.15)
    public_suffix (5.0.4)
    racc (1.7.3)
    rake (13.1.0)
    rb-fsevent (0.11.2)
    rb-inotify (0.11.1)
      ffi (~> 1.0)
    redcarpet (3.6.0)
    rexml (3.4.1)
    rouge (3.30.0)
    rubyzip (2.3.2)
    safe_yaml (1.0.5)
    sass (3.7.4)
      sass-listen (~> 4.0.0)
    sass-listen (4.0.0)
      rb-fsevent (~> 0.9, >= 0.9.4)
      rb-inotify (~> 0.9, >= 0.9.7)
    sawyer (0.8.2)
      addressable (>= 2.3.5)
      faraday (> 0.8, < 2.0)
    simpleidn (0.2.1)
      unf (~> 0.1.4)
    terminal-table (1.8.0)
      unicode-display_width (~> 1.1, >= 1.1.1)
    thor (1.3.1)
    thread (0.2.2)
    titlecase (0.1.1)
    typhoeus (1.4.1)
      ethon (>= 0.9.0)
    tzinfo (2.0.6)
      concurrent-ruby (~> 1.0)
    unf (0.1.4)
      unf_ext
    unf_ext (0.0.9.1)
    unicode-display_width (1.8.0)
    verbal_expressions (0.1.5)
    webrick (1.9.1)

PLATFORMS
  arm64-darwin-23

DEPENDENCIES
  algoliasearch-jekyll (~> 0.8.2)
  github-pages
  jekyll-redirect-from
  jekyll-sitemap
  jemoji
  octopress
  octopress-debugger
  percy-cli
  rake
  webrick

BUNDLED WITH
   2.4.22
